GEM
  remote: https://rubygems.org/
  specs:
    god (0.13.3)

PLATFORMS
  ruby

DEPENDENCIES
  god
